PATH
  remote: .
  specs:
    officer (0.10.3)
      choice
      daemons
      eventmachine
      json

GEM
  remote: https://rubygems.org/
  specs:
    choice (0.1.6)
    daemons (1.1.8)
    diff-lcs (1.1.3)
    eventmachine (0.12.10)
    json (1.7.4)
    rake (0.9.2.2)
    rspec (2.11.0)
      rspec-core (~> 2.11.0)
      rspec-expectations (~> 2.11.0)
      rspec-mocks (~> 2.11.0)
    rspec-core (2.11.1)
    rspec-expectations (2.11.2)
      diff-lcs (~> 1.1.3)
    rspec-mocks (2.11.1)

PLATFORMS
  ruby

DEPENDENCIES
  officer!
  rake
  rspec
