PATH
  remote: .
  specs:
    officer (0.10.1)
      choice
      daemons
      eventmachine
      json
      semaphore (>= 0.0.1)

GEM
  remote: https://rubygems.org/
  specs:
    choice (0.1.6)
    daemons (1.1.8)
    diff-lcs (1.1.3)
    eventmachine (0.12.10)
    json (1.7.4)
    rake (0.9.2.2)
    rspec (2.10.0)
      rspec-core (~> 2.10.0)
      rspec-expectations (~> 2.10.0)
      rspec-mocks (~> 2.10.0)
    rspec-core (2.10.1)
    rspec-expectations (2.10.0)
      diff-lcs (~> 1.1.3)
    rspec-mocks (2.10.1)
    semaphore (0.0.1)

PLATFORMS
  ruby

DEPENDENCIES
  officer!
  rake
  rspec
